PATH
  remote: ../
  specs:
    cloudformation_mapper (0.0.1)
      activesupport (~> 4.1)
      aws-sdk (~> 2.0.10.pre)
      cloudformation-ruby-dsl
      highline (~> 1.6)
      json

GEM
  remote: https://rubygems.org/
  specs:
    activesupport (4.2.0)
      i18n (~> 0.7)
      json (~> 1.7, >= 1.7.7)
      minitest (~> 5.1)
      thread_safe (~> 0.3, >= 0.3.4)
      tzinfo (~> 1.1)
    aws-sdk (2.0.16.pre)
      aws-sdk-resources (= 2.0.16.pre)
    aws-sdk-core (2.0.16)
      builder (~> 3.0)
      jmespath (~> 1.0)
      multi_json (~> 1.0)
      multi_xml (~> 0.5)
    aws-sdk-resources (2.0.16.pre)
      aws-sdk-core (= 2.0.16)
    builder (3.2.2)
    byebug (3.5.1)
      columnize (~> 0.8)
      debugger-linecache (~> 1.2)
      slop (~> 3.6)
    cloudformation-ruby-dsl (0.4.7)
      detabulator
    columnize (0.8.9)
    debugger-linecache (1.2.0)
    detabulator (0.1.0)
    highline (1.6.21)
    i18n (0.7.0)
    jmespath (1.0.2)
      multi_json (~> 1.0)
    json (1.8.1)
    minitest (5.5.0)
    multi_json (1.10.1)
    multi_xml (0.5.5)
    rake (10.4.0)
    slop (3.6.0)
    thread_safe (0.3.4)
    tzinfo (1.2.2)
      thread_safe (~> 0.1)

PLATFORMS
  ruby

DEPENDENCIES
  byebug
  cloudformation_mapper!
  rake
